GEM
  remote: https://rubygems.org/
  specs:
    aquarium (0.5.1)
    diff-lcs (1.2.4)
    eventmachine (1.0.3)
    qtbindings (4.8.3.0)
    rspec (2.13.0)
      rspec-core (~> 2.13.0)
      rspec-expectations (~> 2.13.0)
      rspec-mocks (~> 2.13.0)
    rspec-core (2.13.1)
    rspec-expectations (2.13.0)
      diff-lcs (>= 1.1.3, < 2.0)
    rspec-mocks (2.13.1)

PLATFORMS
  ruby

DEPENDENCIES
  aquarium
  eventmachine
  qtbindings
  rspec
